{
  "aor": 0.0008985245901639344,
  "aqi": 0.00739262393442623,
  "bids_meta": {
    "AcquisitionMatrix": [
      64,
      0,
      0,
      64
    ],
    "CogAtlasID": "tsk_4a57abb949869",
    "EchoTime": 0.025,
    "EchoTrainLength": 1,
    "FlipAngle": 70,
    "ImagedNucleus": "1H",
    "ImagingFrequency": 123.256176,
    "MRAcquisitionType": "2D",
    "MagneticFieldStrength": 3,
    "Manufacturer": "SIEMENS",
    "ManufacturerModelName": "Allegra",
    "NumberofAverages": 1,
    "NumberofPhaseEncodingSteps": 64,
    "ParallelImagingReductionFactor": 1,
    "PatientPosition": "HFS",
    "PercentPhaseFieldofView": 100,
    "PercentSampling": 100,
    "PhaseEncodingDirection": "j-",
    "PixelBandwidth": 3125,
    "PixelSpacing": [
      3.125,
      3.125
    ],
    "RepetitionTime": 1.5,
    "ScanOptions": "FS",
    "ScanningSequence": [
      "SE",
      "EP"
    ],
    "SequenceName": "*epfid2d1_64",
    "SequenceVariant": "SK",
    "SeriesDescription": "ep2d_bold_9VGSANTI",
    "SliceThickness": 4,
    "SliceTiming": [
      0.0,
      0.7759,
      0.0517,
      0.8276,
      0.1034,
      0.8793,
      0.1552,
      0.931,
      0.2069,
      0.9828,
      0.2586,
      1.0345,
      0.3103,
      1.0862,
      0.3621,
      1.1379,
      0.4138,
      1.1897,
      0.4655,
      1.2414,
      0.5172,
      1.2931,
      0.569,
      1.3448,
      0.6207,
      1.3966,
      0.6724,
      1.4483,
      0.7241
    ],
    "SoftwareVersion": "syngoMR 2004A4 VA25A",
    "SpacingBetweenSlices": 4.0,
    "TaskDescription": "During each run, participants alternated between blocked periods of oculomotor task performance and blocked periods of fixation (Chawla et al. 1999; Donaldson et al. 2001; Velanova et al. 2003), performing the PS task during 1 task block, and the AS task during a second (see Fig. 1A). The order of task blocks was counterbalanced across runs (within participant) and across participants. Participants were explicitly told the order of tasks before each run commenced.",
    "TaskName": "visual guided saccade (vgs, aka ProSaccade) and antisaccace (anti) task",
    "TransmittingCoil": "Head_3T",
    "dataset": "ds000119",
    "modality": "bold",
    "run_id": 1,
    "subject_id": "74",
    "task_id": "visualguidedsaccade"
  },
  "dummy_trs": 0,
  "dvars_nstd": 26.017652739341578,
  "dvars_std": 1.1144090277366252,
  "dvars_vstd": 1.0068725765432094,
  "efc": 0.5770488494729391,
  "fber": 3037.58251953125,
  "fd_mean": 0.17368403260232898,
  "fd_num": 71,
  "fd_perc": 29.098360655737704,
  "fwhm_avg": 2.194947,
  "fwhm_x": 2.1205344,
  "fwhm_y": 2.4702016,
  "fwhm_z": 1.994105,
  "gcor": 0.0143235,
  "gsr_x": -0.021744338795542717,
  "gsr_y": 0.04738755524158478,
  "provenance": {
    "md5sum": "72d451a69fa0c8033516923975cd76ea",
    "settings": {
      "fd_thres": 0.2,
      "testing": false
    },
    "software": "mriqc",
    "version": "22.0.6",
    "webapi_port": null,
    "webapi_url": "https://mriqc.nimh.nih.gov/api/v1"
  },
  "size_t": 244,
  "size_x": 64,
  "size_y": 64,
  "size_z": 29,
  "snr": 7.094995865114182,
  "spacing_tr": 1.5,
  "spacing_x": 3.125,
  "spacing_y": 3.125,
  "spacing_z": 4.0,
  "summary_bg_k": 54.35598603000231,
  "summary_bg_mad": 2.694812097440074,
  "summary_bg_mean": 26.07101821899414,
  "summary_bg_median": 11.391392707824707,
  "summary_bg_n": 59652.0,
  "summary_bg_p05": 9.43852424621582,
  "summary_bg_p95": 78.02560958862298,
  "summary_bg_stdv": 50.62247848510742,
  "summary_fg_k": 0.7074790490128122,
  "summary_fg_mad": 93.59831412897243,
  "summary_fg_mean": 660.76318359375,
  "summary_fg_median": 658.1966552734375,
  "summary_fg_n": 30166.0,
  "summary_fg_p05": 516.3247833251953,
  "summary_fg_p95": 812.7366485595703,
  "summary_fg_stdv": 92.7676010131836,
  "tsnr": 62.623299816972576
}